GIT
  remote: git://github.com/sinatra/sinatra.git
  revision: 8b39bbdd2d260e7de31571d5591c0c6299ba955b
  specs:
    sinatra (1.4.4)
      rack (~> 1.4)
      rack-protection (~> 1.4)
      tilt (~> 1.3, >= 1.3.4)

GEM
  remote: https://rubygems.org/
  specs:
    rack (1.5.2)
    rack-protection (1.5.2)
      rack
    shotgun (0.9)
      rack (>= 1.0)
    tilt (1.4.1)

PLATFORMS
  ruby

DEPENDENCIES
  shotgun (~> 0.9)
  sinatra!
